GEM
  remote: https://rubygems.org/
  specs:
    cuba (3.1.0)
      rack
    haml (3.1.7)
    kgio (2.7.4)
    nest (1.1.2)
      redis
    ohm (1.2.0)
      nest (~> 1.0)
      redis
      scrivener (~> 0.0.3)
    rack (1.5.2)
    raindrops (0.10.0)
    rake (10.0.2)
    redis (3.0.2)
    scrivener (0.0.3)
    tilt (1.3.3)
    unicorn (4.5.0)
      kgio (~> 2.6)
      rack
      raindrops (~> 0.7)

PLATFORMS
  ruby

DEPENDENCIES
  cuba
  haml
  ohm
  rake
  redis
  tilt
  unicorn
