GEM
  remote: https://rubygems.org/
  specs:
    cuba (3.1.0)
      rack
    foreman (0.60.2)
      thor (>= 0.13.6)
    haml (3.1.7)
    nest (1.1.2)
      redis
    ohm (1.2.0)
      nest (~> 1.0)
      redis
      scrivener (~> 0.0.3)
    rack (1.4.1)
    redis (3.0.2)
    scrivener (0.0.3)
    thor (0.16.0)
    tilt (1.3.3)

PLATFORMS
  ruby

DEPENDENCIES
  cuba
  foreman
  haml
  ohm
  redis
  tilt
