GIT
  remote: git://github.com/yb66/rack-flash.git
  revision: 35ac77df9e40b257239cee15c00d54971721644a
  specs:
    rack-flash3 (1.0.1)
      rack
      rack

GEM
  remote: https://rubygems.org/
  specs:
    cuba (3.1.0)
      rack
    haml (3.1.7)
    kgio (2.7.4)
    nest (1.1.2)
      redis
    ohm (1.2.0)
      nest (~> 1.0)
      redis
      scrivener (~> 0.0.3)
    rack (1.4.1)
    raindrops (0.10.0)
    rake (10.0.2)
    redis (3.0.2)
    scrivener (0.0.3)
    tilt (1.3.3)
    unicorn (4.5.0)
      kgio (~> 2.6)
      rack
      raindrops (~> 0.7)

PLATFORMS
  ruby

DEPENDENCIES
  cuba
  haml
  ohm
  rack-flash3!
  rake
  redis
  tilt
  unicorn
